GEM
  remote: https://rubygems.org/
  specs:
    faraday (0.9.0)
      multipart-post (>= 1.2, < 3)
    multipart-post (2.0.0)
    sqlite3 (1.3.9)

PLATFORMS
  ruby

DEPENDENCIES
  faraday
  sqlite3
