GEM
  remote: https://rubygems.org/
  specs:
    citibikenyc (0.0.1)
      faraday (~> 0.8.7)
      faraday_middleware (~> 0.9.0)
      hashie (~> 2.0.5)
      multi_json (~> 1.7.7)
    faraday (0.8.8)
      multipart-post (~> 1.2.0)
    faraday_middleware (0.9.0)
      faraday (>= 0.7.4, < 0.9)
    hashie (2.0.5)
    multi_json (1.7.9)
    multipart-post (1.2.0)
    sqlite3 (1.3.8)

PLATFORMS
  ruby

DEPENDENCIES
  citibikenyc
  faraday
  sqlite3
